GEM
  remote: https://rubygems.org/
  specs:
    slop (4.7.0)

PLATFORMS
  ruby

DEPENDENCIES
  slop

BUNDLED WITH
   1.17.3
